GEM
  remote: http://rubygems.org/
  specs:
    activesupport (3.0.1)
    fakeweb (1.3.0)
    mime-types (1.16)
    nokogiri (1.4.3.1)
    nokogiri-happymapper (0.3.4)
      nokogiri (>= 1.4.0)
    rest-client (1.6.1)
      mime-types (>= 1.16)
    xml_to_json (0.0.0)
      nokogiri
      nokogiri (= 1.4.3.1)
    yajl-ruby (0.7.8)

PLATFORMS
  ruby

DEPENDENCIES
  activesupport (~> 3.0.1)
  fakeweb (= 1.3.0)
  nokogiri
  nokogiri-happymapper
  rest-client
  xml_to_json
  yajl-ruby
