GEM
  remote: http://rubygems.org/
  specs:
    activesupport (3.0.1)
    builder (3.0.0)
    diff-lcs (1.1.2)
    fakeweb (1.3.0)
    flay (1.4.1)
      ruby_parser (~> 2.0)
      sexp_processor (~> 3.0)
    flog (2.5.0)
      ruby_parser (~> 2.0)
      sexp_processor (~> 3.0)
    git (1.2.5)
    jeweler (1.5.1)
      bundler (~> 1.0.0)
      git (>= 1.2.5)
      rake
    mime-types (1.16)
    nokogiri (1.4.3.1)
    nokogiri-happymapper (0.3.4)
      nokogiri (>= 1.4.0)
    rails_code_qa (0.4.1)
      flay (= 1.4.1)
      flog (= 2.5.0)
      rcov (= 0.9.9)
    rake (0.8.7)
    rcov (0.9.9)
    rest-client (1.6.1)
      mime-types (>= 1.16)
    rspec (2.1.0)
      rspec-core (~> 2.1.0)
      rspec-expectations (~> 2.1.0)
      rspec-mocks (~> 2.1.0)
    rspec-core (2.1.0)
    rspec-expectations (2.1.0)
      diff-lcs (~> 1.1.2)
    rspec-mocks (2.1.0)
    ruby_parser (2.0.5)
      sexp_processor (~> 3.0)
    sexp_processor (3.0.5)
    xml_to_json (0.0.0)
      nokogiri
      nokogiri (= 1.4.3.1)
    yajl-ruby (0.7.8)

PLATFORMS
  ruby

DEPENDENCIES
  activesupport (~> 3.0.1)
  builder
  bundler (~> 1.0.0)
  fakeweb (= 1.3.0)
  jeweler (~> 1.5.0.pre6)
  nokogiri
  nokogiri-happymapper
  rails_code_qa
  rest-client
  rspec (= 2.1.0)
  xml_to_json
  yajl-ruby
